GEM
  remote: https://rubygems.org/
  specs:
    byebug (9.0.6)
    concurrent-ruby (1.0.5)
    fastimage (2.1.0)
    hike (1.2.3)
    opal (0.10.3)
      hike (~> 1.2)
      sourcemap (~> 0.1.0)
      sprockets (~> 3.1)
      tilt (>= 1.4)
    rack (2.0.1)
    ruby2d (0.3.1)
      opal (~> 0.10)
    sourcemap (0.1.1)
    sprockets (3.7.1)
      concurrent-ruby (~> 1.0)
      rack (> 1, < 3)
    taglib-ruby (0.7.1)
    tilt (2.0.7)

PLATFORMS
  ruby

DEPENDENCIES
  byebug
  fastimage
  ruby2d
  taglib-ruby

BUNDLED WITH
   1.14.6
