GEM
  remote: https://rubygems.org/
  specs:
    ast (2.3.0)
    awesome_print (1.8.0)
    byebug (9.1.0)
    deep_merge (1.2.1)
    fastimage (2.1.0)
    hike (1.2.3)
    opal (0.11.0)
      ast (>= 2.3.0)
      hike (~> 1.2)
      parser (= 2.3.3.1)
      sourcemap (~> 0.1.0)
    parser (2.3.3.1)
      ast (~> 2.2)
    require_all (1.4.0)
    ruby2d (0.5.0)
      opal (~> 0.10)
    sourcemap (0.1.1)
    taglib-ruby (0.7.1)

PLATFORMS
  ruby

DEPENDENCIES
  awesome_print
  byebug
  deep_merge
  fastimage
  require_all
  ruby2d
  taglib-ruby

BUNDLED WITH
   1.14.6
